GEM
  remote: https://rubygems.org/
  specs:
    cool.io (1.1.0)
      iobuffer (>= 1.0.0)
    fluent-logger (0.4.4)
      msgpack (= 0.4.7)
      yajl-ruby (~> 1.0)
    fluentd (0.10.31)
      cool.io (~> 1.1.0)
      http_parser.rb (~> 0.5.1)
      json (>= 1.4.3)
      msgpack (~> 0.4.4)
      yajl-ruby (~> 1.0)
    http_parser.rb (0.5.3)
    iobuffer (1.1.2)
    json (1.7.7)
    msgpack (0.4.7)
    newrelic_rpm (3.5.7.59)
    nio4r (2.5.8)
    puma (4.3.12)
      nio4r (~> 2.0)
    rack (1.6.13)
    rack-protection (1.3.2)
      rack
    sinatra (1.3.5)
      rack (~> 1.4)
      rack-protection (~> 1.3)
      tilt (~> 1.3, >= 1.3.3)
    tilt (1.3.3)
    yajl-ruby (1.1.0)

PLATFORMS
  ruby

DEPENDENCIES
  fluent-logger
  fluentd
  newrelic_rpm
  puma
  sinatra
